PATH
  remote: .
  specs:
    protobuf (1.1.3)
      eventmachine
      eventually
      ffi-rzmq
      json_pure

GEM
  remote: http://rubygems.org/
  specs:
    diff-lcs (1.1.3)
    eventmachine (0.12.10)
    eventually (0.1.1)
    ffi (1.0.11)
    ffi-rzmq (0.9.3)
      ffi
    json_pure (1.6.6)
    multi_json (1.0.4)
    rake (0.9.2.2)
    redcarpet (1.17.2)
    rspec (2.9.0)
      rspec-core (~> 2.9.0)
      rspec-expectations (~> 2.9.0)
      rspec-mocks (~> 2.9.0)
    rspec-core (2.9.0)
    rspec-expectations (2.9.0)
      diff-lcs (~> 1.1.3)
    rspec-mocks (2.9.0)
    simplecov (0.5.4)
      multi_json (~> 1.0.3)
      simplecov-html (~> 0.5.3)
    simplecov-html (0.5.3)
    yard (0.7.5)

PLATFORMS
  java
  ruby

DEPENDENCIES
  protobuf!
  rake
  redcarpet (~> 1.17.2)
  rspec
  simplecov (~> 0.5.4)
  yard (~> 0.7.4)
